GEM
  remote: http://rubygems.org/
  specs:
    crack (0.1.8)
    git (1.2.5)
    httparty (0.7.4)
      crack (= 0.1.8)
    jeweler (1.5.1)
      bundler (~> 1.0.0)
      git (>= 1.2.5)
      rake
    json (1.5.1)
    mocha (0.9.12)
    rake (0.8.7)
    rcov (0.9.9)
    shoulda (2.11.3)

PLATFORMS
  ruby

DEPENDENCIES
  bundler (~> 1.0.0)
  httparty (> 0.6.0)
  jeweler (~> 1.5.1)
  json (> 1.4.0)
  mocha (> 0.9.11)
  rcov
  shoulda
